GEM
  remote: https://rubygems.org/
  specs:
    date (3.1.2)
    fusionauth_client (1.30.0)
    json (2.5.1)
    optparse (0.1.1)
    securerandom (0.1.1)

PLATFORMS
  ruby

DEPENDENCIES
  date
  fusionauth_client
  json
  optparse
  securerandom

RUBY VERSION
   ruby 2.7.1p83

BUNDLED WITH
   2.1.4
