GEM
  remote: https://rubygems.org/
  specs:
    date (3.1.2)
    fusionauth_client (1.30.0)
    json (2.5.1)
    optparse (0.1.1)
    securerandom (0.1.1)

PLATFORMS
  ruby

DEPENDENCIES
  date
  fusionauth_client
  json
  optparse
  securerandom

RUBY VERSION
<<<<<<< Updated upstream
   ruby 2.7.5p203
=======
   ruby 2.7.8p225
>>>>>>> Stashed changes

BUNDLED WITH
   2.2.5
